GIT
  remote: https://github.com/simplecov-ruby/simplecov
  revision: 0260b1f309e76c8ed87731ebbc348b05d753b8a2
  specs:
    simplecov (0.20.0)
      docile (~> 1.1)
      simplecov-html (~> 0.11)
      simplecov_json_formatter (~> 0.1)

PATH
  remote: .
  specs:
    simplecov-html (0.12.3)

GEM
  remote: https://rubygems.org/
  specs:
    ast (2.4.0)
    concurrent-ruby (1.1.5)
    docile (1.4.0)
    execjs (2.7.0)
    jaro_winkler (1.5.4)
    minitest (5.15.0)
    parallel (1.19.1)
    parser (2.7.0.2)
      ast (~> 2.4.0)
    rack (2.2.3)
    rainbow (3.0.0)
    rake (13.0.1)
    rubocop (0.79.0)
      jaro_winkler (~> 1.5.1)
      parallel (~> 1.10)
      parser (>= 2.7.0.1)
      rainbow (>= 2.2.2, < 4.0)
      ruby-progressbar (~> 1.7)
      unicode-display_width (>= 1.4.0, < 1.7)
    ruby-progressbar (1.10.1)
    simplecov_json_formatter (0.1.4)
    sprockets (3.7.2)
      concurrent-ruby (~> 1.0)
      rack (> 1, < 3)
    uglifier (4.2.0)
      execjs (>= 0.3.0, < 3)
    unicode-display_width (1.6.1)
    yui-compressor (0.12.0)

PLATFORMS
  ruby

DEPENDENCIES
  minitest
  rake (>= 11)
  rubocop
  simplecov!
  simplecov-html!
  sprockets (~> 3.7)
  uglifier
  yui-compressor

BUNDLED WITH
   2.3.10
